GEM
  remote: https://rubygems.org/
  specs:
    backports (3.6.8)
    dotenv (2.1.1)
    faraday (0.10.1)
      multipart-post (>= 1.2, < 3)
    multi_json (1.12.1)
    multipart-post (2.0.0)
    rack (1.6.5)
    rack-protection (1.5.3)
      rack
    rack-test (0.6.3)
      rack (>= 1.0)
    sentry-raven (2.2.0)
      faraday (>= 0.7.6, < 1.0)
    sinatra (1.4.7)
      rack (~> 1.5)
      rack-protection (~> 1.4)
      tilt (>= 1.3, < 3)
    sinatra-contrib (1.4.7)
      backports (>= 2.0)
      multi_json
      rack-protection
      rack-test
      sinatra (~> 1.4.0)
      tilt (>= 1.3, < 3)
    tilt (2.0.5)

PLATFORMS
  ruby

DEPENDENCIES
  dotenv
  sentry-raven
  sinatra
  sinatra-contrib

BUNDLED WITH
   1.12.5
