GEM
  remote: https://rubygems.org/
  specs:
    concurrent-ruby (1.0.3)
    dotenv (2.1.1)
    rack (1.6.5)
    rack-protection (1.5.3)
      rack
    sass (3.4.23)
    sinatra (1.4.7)
      rack (~> 1.5)
      rack-protection (~> 1.4)
      tilt (>= 1.3, < 3)
    sprockets (3.7.1)
      concurrent-ruby (~> 1.0)
      rack (> 1, < 3)
    tilt (2.0.5)

PLATFORMS
  ruby

DEPENDENCIES
  dotenv
  sass
  sinatra
  sprockets

BUNDLED WITH
   1.12.5
